GEM
  remote: https://rubygems.org/
  specs:
    coderay (1.1.1)
    faraday (0.11.0)
      multipart-post (>= 1.2, < 3)
    faraday_middleware (0.11.0.1)
      faraday (>= 0.7.4, < 1.0)
    method_source (0.8.2)
    multipart-post (2.0.0)
    pry (0.10.4)
      coderay (~> 1.1.0)
      method_source (~> 0.8.1)
      slop (~> 3.4)
    rdmm (0.2.1)
      faraday
      faraday_middleware
    slop (3.6.0)

PLATFORMS
  ruby

DEPENDENCIES
  pry
  rdmm

BUNDLED WITH
   1.14.3
